GEM
  remote: https://rubygems.org/
  specs:
    actionmailer (3.2.1)
      actionpack (= 3.2.1)
      mail (~> 2.4.0)
    actionpack (3.2.1)
      activemodel (= 3.2.1)
      activesupport (= 3.2.1)
      builder (~> 3.0.0)
      erubis (~> 2.7.0)
      journey (~> 1.0.1)
      rack (~> 1.4.0)
      rack-cache (~> 1.1)
      rack-test (~> 0.6.1)
      sprockets (~> 2.1.2)
    activemodel (3.2.1)
      activesupport (= 3.2.1)
      builder (~> 3.0.0)
    activerecord (3.2.1)
      activemodel (= 3.2.1)
      activesupport (= 3.2.1)
      arel (~> 3.0.0)
      tzinfo (~> 0.3.29)
    activeresource (3.2.1)
      activemodel (= 3.2.1)
      activesupport (= 3.2.1)
    activesupport (3.2.1)
      i18n (~> 0.6)
      multi_json (~> 1.0)
    addressable (2.3.2)
    arel (3.0.2)
    bootstrap-will_paginate (0.0.9)
      will_paginate
    builder (3.0.3)
    cancan (1.6.8)
    cantango (0.9.4.7)
      cancan (>= 1.4)
      hashie (>= 0.4)
      rails (>= 3.0.1)
      sugar-high (>= 0.6.0)
      sweetloader (~> 0.1.0)
    choice (0.1.6)
    coderay (1.0.8)
    coffee-rails (3.2.2)
      coffee-script (>= 2.2.0)
      railties (~> 3.2.0)
    coffee-script (2.2.0)
      coffee-script-source
      execjs
    coffee-script-source (1.3.3)
    commonjs (0.2.6)
    database_cleaner (0.9.1)
    diff-lcs (1.1.3)
    erubis (2.7.0)
    excon (0.16.4)
    execjs (1.4.0)
      multi_json (~> 1.0)
    factory_girl (4.1.0)
      activesupport (>= 3.0.0)
    factory_girl_rails (4.1.0)
      factory_girl (~> 4.1.0)
      railties (>= 3.0.0)
    ffaker (1.15.0)
    font-awesome-rails (0.4.1)
      railties (~> 3.1)
    google_visualr (2.1.4)
    haml (3.1.7)
    haml-rails (0.3.5)
      actionpack (>= 3.1, < 4.1)
      activesupport (>= 3.1, < 4.1)
      haml (~> 3.1)
      railties (>= 3.1, < 4.1)
    hashie (1.2.0)
    heroku (2.32.11)
      heroku-api (~> 0.3.5)
      launchy (>= 0.3.2)
      netrc (~> 0.7.7)
      rest-client (~> 1.6.1)
      rubyzip
    heroku-api (0.3.5)
      excon (~> 0.16.1)
    hike (1.2.1)
    i18n (0.6.1)
    journey (1.0.4)
    jquery-rails (2.1.3)
      railties (>= 3.1.0, < 5.0)
      thor (~> 0.14)
    json (1.7.5)
    launchy (2.1.2)
      addressable (~> 2.3)
    less (2.2.2)
      commonjs (~> 0.2.6)
    less-rails (2.2.3)
      actionpack (>= 3.1)
      less (~> 2.2.0)
    libv8 (3.3.10.4)
    lorem (0.1.2)
    mail (2.4.4)
      i18n (>= 0.4.0)
      mime-types (~> 1.16)
      treetop (~> 1.4.8)
    method_source (0.8)
    mime-types (1.19)
    multi_json (1.3.6)
    netrc (0.7.7)
    pg (0.14.1)
    polyglot (0.3.3)
    pry (0.9.10)
      coderay (~> 1.0.5)
      method_source (~> 0.8)
      slop (~> 3.3.1)
    rack (1.4.1)
    rack-cache (1.2)
      rack (>= 0.4)
    rack-ssl (1.3.2)
      rack
    rack-test (0.6.2)
      rack (>= 1.0)
    rails (3.2.1)
      actionmailer (= 3.2.1)
      actionpack (= 3.2.1)
      activerecord (= 3.2.1)
      activeresource (= 3.2.1)
      activesupport (= 3.2.1)
      bundler (~> 1.0)
      railties (= 3.2.1)
    rails-erd (1.0.0)
      activerecord (>= 3.0)
      activesupport (>= 3.0)
      choice (~> 0.1.6)
      ruby-graphviz (~> 1.0.4)
    rails3-generators (1.0.0)
      railties (>= 3.0.0)
    railties (3.2.1)
      actionpack (= 3.2.1)
      activesupport (= 3.2.1)
      rack-ssl (~> 1.3.2)
      rake (>= 0.8.7)
      rdoc (~> 3.4)
      thor (~> 0.14.6)
    rake (0.9.2.2)
    rdoc (3.12)
      json (~> 1.4)
    rest-client (1.6.7)
      mime-types (>= 1.16)
    rspec (2.11.0)
      rspec-core (~> 2.11.0)
      rspec-expectations (~> 2.11.0)
      rspec-mocks (~> 2.11.0)
    rspec-core (2.11.1)
    rspec-expectations (2.11.3)
      diff-lcs (~> 1.1.3)
    rspec-instafail (0.2.4)
    rspec-mocks (2.11.3)
    rspec-rails (2.11.0)
      actionpack (>= 3.0)
      activesupport (>= 3.0)
      railties (>= 3.0)
      rspec (~> 2.11.0)
    ruby-graphviz (1.0.8)
    rubyzip (0.9.9)
    rufus-scheduler (2.0.17)
      tzinfo (>= 0.3.23)
    sass (3.2.1)
    sass-rails (3.2.5)
      railties (~> 3.2.0)
      sass (>= 3.1.10)
      tilt (~> 1.3)
    shoulda (3.3.1)
      shoulda-context (~> 1.0)
      shoulda-matchers (~> 1.4.1)
    shoulda-context (1.0.1)
    shoulda-matchers (1.4.1)
      activesupport (>= 3.0.0)
    simple_form (2.0.4)
      actionpack (~> 3.0)
      activemodel (~> 3.0)
    slop (3.3.3)
    sprockets (2.1.3)
      hike (~> 1.2)
      rack (~> 1.0)
      tilt (~> 1.1, != 1.3.0)
    sqlite3 (1.3.6)
    sugar-high (0.7.2)
    sweetloader (0.1.6)
      activesupport (>= 3.0.1)
      i18n
    therubyracer (0.10.2)
      libv8 (~> 3.3.10)
    thor (0.14.6)
    tilt (1.3.3)
    timeliness (0.3.7)
    treetop (1.4.11)
      polyglot
      polyglot (>= 0.3.1)
    twitter-bootstrap-rails (2.1.3)
      actionpack (>= 3.1)
      less-rails (~> 2.2.3)
      railties (>= 3.1)
      therubyracer (~> 0.10.2)
    tzinfo (0.3.33)
    uglifier (1.3.0)
      execjs (>= 0.3.0)
      multi_json (~> 1.0, >= 1.0.2)
    validates_timeliness (3.0.14)
      timeliness (~> 0.3.6)
    will_paginate (3.0.3)

PLATFORMS
  ruby

DEPENDENCIES
  bootstrap-will_paginate
  cantango
  coffee-rails (~> 3.2.1)
  database_cleaner
  factory_girl_rails
  ffaker
  font-awesome-rails
  google_visualr (>= 2.1)
  haml-rails
  heroku
  jquery-rails
  lorem
  pg
  pry
  rails (= 3.2.1)
  rails-erd
  rails3-generators
  rspec-instafail
  rspec-rails
  rufus-scheduler
  sass-rails (~> 3.2.3)
  shoulda
  simple_form
  sqlite3
  twitter-bootstrap-rails
  uglifier (>= 1.0.3)
  validates_timeliness (~> 3.0)
  will_paginate
